GEM
  remote: https://rubygems.org/
  specs:
    minitest (5.14.1)
    rake (13.0.1)
    ruby-terminfo (0.1.1)

PLATFORMS
  ruby

DEPENDENCIES
  minitest!
  rake!
  ruby-terminfo!

BUNDLED WITH
   2.1.4
